GEM
  remote: https://rubygems.org/
  specs:
    aws-eventstream (1.0.1)
    aws-partitions (1.121.0)
    aws-sdk-core (3.42.0)
      aws-eventstream (~> 1.0)
      aws-partitions (~> 1.0)
      aws-sigv4 (~> 1.0)
      jmespath (~> 1.0)
    aws-sdk-inspector (1.12.0)
      aws-sdk-core (~> 3, >= 3.39.0)
      aws-sigv4 (~> 1.0)
    aws-sigv4 (1.0.3)
    coderay (1.1.2)
    garrison-api (1.0.7)
      httparty (~> 0.16.2)
    httparty (0.16.2)
      multi_xml (>= 0.5.2)
    jmespath (1.4.0)
    memoist (0.16.0)
    method_source (0.9.0)
    multi_xml (0.6.0)
    pry (0.11.3)
      coderay (~> 1.1.0)
      method_source (~> 0.9.0)

PLATFORMS
  ruby

DEPENDENCIES
  aws-sdk-inspector (~> 1)
  garrison-api (~> 1)
  memoist (~> 0.16.0)
  pry

BUNDLED WITH
   1.16.2
